GEM
  remote: https://rubygems.org/
  specs:
    awesome_print (1.9.2)
    byebug (11.1.3)
    nokogiri (1.15.2-arm64-darwin)
      racc (~> 1.4)
    racc (1.7.0)

PLATFORMS
  arm64-darwin-24

DEPENDENCIES
  awesome_print
  byebug
  nokogiri

BUNDLED WITH
   2.4.10
